GEM
  remote: https://rubygems.org/
  specs:
    coffee-script (2.2.0)
      coffee-script-source
      execjs
    coffee-script-source (1.1.2)
    daemons (1.1.0)
    eventmachine (0.12.10)
    execjs (1.2.6)
      multi_json (~> 1.0)
    haml (3.1.7)
    multi_json (1.0.3)
    rack (1.5.2)
    rack-protection (1.5.0)
      rack
    rdiscount (1.6.8)
    rubyzip (0.9.6.1)
    sass (3.2.1)
    sinatra (1.4.3)
      rack (~> 1.4)
      rack-protection (~> 1.4)
      tilt (~> 1.3, >= 1.3.4)
    thin (1.2.11)
      daemons (>= 1.0.9)
      eventmachine (>= 0.12.6)
      rack (>= 1.0.0)
    tilt (1.4.1)
    uglifier (1.0.3)
      execjs (>= 0.3.0)
      multi_json (>= 1.0.2)

PLATFORMS
  ruby

DEPENDENCIES
  coffee-script
  haml
  rdiscount
  rubyzip
  sass
  sinatra
  thin
  uglifier
